GEM
  remote: https://rubygems.org/
  specs:
    base64 (0.2.0)
    json (2.8.2)
    jwt (2.9.3)
      base64
    rack (3.1.8)

PLATFORMS
  arm64-darwin-23

DEPENDENCIES
  json
  jwt
  rack

BUNDLED WITH
   2.5.16
